PATH
  remote: ../../../Developer/ruby/pyjamas
  specs:
    pyjamas (1.0.1)
      json (~> 2.7)
      open3 (~> 0.2.0)
      optparse (~> 0.4.0)
      pathname (~> 0.2.0)
      plist (~> 3.7)
      tempfile (~> 0.2.0)
      toml-rb (~> 2.2)
      yaml (~> 0.3.0)

PATH
  remote: ../../../Developer/ruby/tiny_dancer
  specs:
    tiny_dancer (0.4.1)
      activesupport (~> 6.1)
      fileutils (~> 1.6.0)
      pathname (~> 0.2.0)
      tinify (~> 1.5.1)

GEM
  remote: https://rubygems.org/
  specs:
    activesupport (6.1.7.7)
      concurrent-ruby (~> 1.0, >= 1.0.2)
      i18n (>= 1.6, < 2)
      minitest (>= 5.1)
      tzinfo (~> 2.0)
      zeitwerk (~> 2.3)
    ast (2.4.2)
    backport (1.2.0)
    base64 (0.2.0)
    benchmark (0.3.0)
    builder (3.2.4)
    chunky_png (1.4.0)
    citrus (3.0.2)
    commonjs (0.2.7)
    compass (0.12.2)
      chunky_png (~> 1.2)
      fssm (>= 0.2.7)
      sass (~> 3.1)
    compass-slickmap (0.5.1.1)
      compass (>= 0.11.1)
      haml (~> 3.1.0)
      sass (~> 3.1.0)
    concurrent-ruby (1.2.3)
    daemons (1.4.1)
    diff-lcs (1.5.1)
    e2mmap (0.1.0)
    eventmachine (1.2.7)
    extlib (0.9.16)
    fancy-buttons (1.2.0)
      compass (>= 0.11)
    ffi (1.16.3)
    fileutils (1.6.0)
    fssm (0.2.10)
    haml (3.1.8)
    highline (3.0.1)
    htmlentities (4.3.4)
    httpclient (2.8.3)
    i18n (1.14.4)
      concurrent-ruby (~> 1.0)
    io-console (0.7.2)
    jaro_winkler (1.5.6)
    json (2.7.2)
    json_pure (2.7.2)
    kramdown (2.4.0)
      rexml
    kramdown-parser-gfm (1.1.0)
      kramdown (~> 2.0)
    language_server-protocol (3.17.0.3)
    less (2.6.0)
      commonjs (~> 0.2.7)
    middleman (0.14.1)
      builder
      compass (>= 0.10)
      compass-slickmap
      fancy-buttons
      haml (>= 3.0)
      json_pure
      less
      rack
      rack-test
      shotgun (>= 0.8)
      sinatra (>= 1.0)
      sinatra-content-for
      smusher
      sprockets
      templater
      thin
      yui-compressor
    minitest (5.22.3)
    mustermann (3.0.0)
      ruby2_keywords (~> 0.0.1)
    nokogiri (1.16.3-aarch64-linux)
      racc (~> 1.4)
    nokogiri (1.16.3-arm-linux)
      racc (~> 1.4)
    nokogiri (1.16.3-arm64-darwin)
      racc (~> 1.4)
    nokogiri (1.16.3-x86-linux)
      racc (~> 1.4)
    nokogiri (1.16.3-x86_64-darwin)
      racc (~> 1.4)
    nokogiri (1.16.3-x86_64-linux)
      racc (~> 1.4)
    open3 (0.2.1)
    optparse (0.4.0)
    parallel (1.24.0)
    parser (3.3.0.5)
      ast (~> 2.4.1)
      racc
    pathname (0.2.1)
    plist (3.7.1)
    racc (1.7.3)
    rack (2.2.9)
    rack-protection (3.2.0)
      base64 (>= 0.1.0)
      rack (~> 2.2, >= 2.2.4)
    rack-test (2.1.0)
      rack (>= 1.3)
    rainbow (3.1.1)
    rake (13.2.1)
    rbs (2.8.4)
    regexp_parser (2.9.0)
    reline (0.5.0)
      io-console (~> 0.5)
    reverse_markdown (2.1.1)
      nokogiri
    rexml (3.2.6)
    rubocop (1.62.1)
      json (~> 2.3)
      language_server-protocol (>= 3.17.0)
      parallel (~> 1.10)
      parser (>= 3.3.0.2)
      rainbow (>= 2.2.2, < 4.0)
      regexp_parser (>= 1.8, < 3.0)
      rexml (>= 3.2.5, < 4.0)
      rubocop-ast (>= 1.31.1, < 2.0)
      ruby-progressbar (~> 1.7)
      unicode-display_width (>= 2.4.0, < 3.0)
    rubocop-ast (1.31.2)
      parser (>= 3.3.0.4)
    ruby-progressbar (1.13.0)
    ruby2_keywords (0.0.5)
    sass (3.1.21)
    sassc (2.4.0)
      ffi (~> 1.9)
    shotgun (0.9.2)
      rack (>= 1.0)
    sinatra (3.2.0)
      mustermann (~> 3.0)
      rack (~> 2.2, >= 2.2.4)
      rack-protection (= 3.2.0)
      tilt (~> 2.0)
    sinatra-content-for (0.1)
      sinatra
    slim (5.2.1)
      temple (~> 0.10.0)
      tilt (>= 2.1.0)
    slim_lint (0.27.0)
      rubocop (>= 1.0, < 2.0)
      slim (>= 3.0, < 6.0)
    smusher (0.4.9)
      httpclient (>= 2.2)
      json
      rake
    solargraph (0.50.0)
      backport (~> 1.2)
      benchmark
      bundler (~> 2.0)
      diff-lcs (~> 1.4)
      e2mmap
      jaro_winkler (~> 1.5)
      kramdown (~> 2.3)
      kramdown-parser-gfm (~> 1.1)
      parser (~> 3.0)
      rbs (~> 2.0)
      reverse_markdown (~> 2.0)
      rubocop (~> 1.38)
      thor (~> 1.0)
      tilt (~> 2.0)
      yard (~> 0.9, >= 0.9.24)
    sprockets (4.2.1)
      concurrent-ruby (~> 1.0)
      rack (>= 2.2.4, < 4)
    symbolized (0.0.1)
    tempfile (0.2.1)
    templater (1.0.0)
      diff-lcs (>= 1.1.2)
      extlib (>= 0.9.5)
      highline (>= 1.4.0)
    temple (0.10.3)
    thin (1.8.2)
      daemons (~> 1.0, >= 1.0.9)
      eventmachine (~> 1.0, >= 1.0.4)
      rack (>= 1, < 3)
    thor (1.3.1)
    tilt (2.3.0)
    tinify (1.5.1)
      httpclient (~> 2.6)
    toml-rb (2.2.0)
      citrus (~> 3.0, > 3.0)
    tzinfo (2.0.6)
      concurrent-ruby (~> 1.0)
    unicode-display_width (2.5.0)
    yaml (0.3.0)
    yard (0.9.36)
    yui-compressor (0.12.0)
    zeitwerk (2.6.13)

PLATFORMS
  aarch64-linux
  arm-linux
  arm64-darwin
  x86-linux
  x86_64-darwin
  x86_64-linux

DEPENDENCIES
  htmlentities
  middleman
  plist
  pyjamas!
  reline (~> 0.5.0)
  sassc
  slim
  slim_lint
  solargraph
  symbolized
  thin (~> 1.8.2)
  tiny_dancer!
  toml-rb
  yard (>= 0.9.20)

RUBY VERSION
   ruby 3.3.0p0

BUNDLED WITH
   2.5.7
